GEM
  remote: http://rubygems.org/
  specs:
    builder (3.2.4)
    cucumber (0.10.1)
      builder (>= 2.1.2)
      diff-lcs (>= 1.1.2)
      gherkin (>= 2.3.5)
      json (>= 1.4.6)
      term-ansicolor (>= 1.0.5)
    cucumber-messages (8.0.0)
      google-protobuf (>= 3.2, <= 3.8)
      json (~> 2.2, >= 2.2.0)
    curb (0.7.15)
    diff-lcs (1.3)
    gherkin (9.0.0)
      cucumber-messages (~> 8.0, >= 8.0.0)
    google-protobuf (3.8.0)
    json (2.3.0)
    mime-types (1.16)
    multi_json (1.14.1)
    mustermann (1.1.1)
      ruby2_keywords (~> 0.0.1)
    nokogiri (1.4.4)
    open4 (1.3.4)
    rack (2.2.2)
    rack-protection (2.0.8.1)
      rack
    redis (2.1.1)
    redis-namespace (1.0.4)
      redis (< 3.0.0)
    resque (1.18.0)
      multi_json (~> 1.0)
      redis-namespace (~> 1.0.2)
      sinatra (>= 0.9.2)
      vegas (~> 0.1.2)
    rspec (2.0.0)
      rspec-core (= 2.0.0)
      rspec-expectations (= 2.0.0)
      rspec-mocks (= 2.0.0)
    rspec-core (2.0.0)
    rspec-expectations (2.0.0)
      diff-lcs (>= 1.1.2)
    rspec-mocks (2.0.0)
      rspec-core (= 2.0.0)
      rspec-expectations (= 2.0.0)
    ruby2_keywords (0.0.2)
    rubyzip (0.9.4)
    sinatra (2.0.8.1)
      mustermann (~> 1.0)
      rack (~> 2.0)
      rack-protection (= 2.0.8.1)
      tilt (~> 2.0)
    streamio-ffmpeg (0.7.8)
    sync (0.5.0)
    term-ansicolor (1.7.1)
      tins (~> 1.0)
    tilt (2.0.10)
    tins (1.24.1)
      sync
    trollop (1.16.2)
    vegas (0.1.11)
      rack (>= 1.0.0)

PLATFORMS
  ruby

DEPENDENCIES
  builder
  cucumber (= 0.10.1)
  curb
  mime-types
  nokogiri (= 1.4.4)
  open4
  redis (= 2.1.1)
  resque (= 1.18.0)
  rspec (= 2.0.0)
  rubyzip
  streamio-ffmpeg
  trollop

BUNDLED WITH
   1.17.3
